PATH
  remote: .
  specs:
    paypal-express (0.5.4)
      activesupport (>= 2.3)
      attr_required (>= 0.0.5)
      restclient_with_cert

GEM
  remote: http://rubygems.org/
  specs:
    activesupport (4.0.2)
      i18n (~> 0.6, >= 0.6.4)
      minitest (~> 4.2)
      multi_json (~> 1.3)
      thread_safe (~> 0.1)
      tzinfo (~> 0.3.37)
    atomic (1.1.14)
    attr_required (0.0.5)
    configatron (2.13.0)
      yamler (>= 0.1.0)
    cover_me (1.2.0)
      configatron
      hashie
    diff-lcs (1.2.5)
    fakeweb (1.3.0)
    hashie (2.0.5)
    i18n (0.6.9)
    mime-types (2.0)
    minitest (4.7.5)
    multi_json (1.8.2)
    rake (10.1.0)
    rest-client (1.6.7)
      mime-types (>= 1.16)
    restclient_with_cert (0.0.8)
      rest-client (>= 1.6)
    rspec (2.14.1)
      rspec-core (~> 2.14.0)
      rspec-expectations (~> 2.14.0)
      rspec-mocks (~> 2.14.0)
    rspec-core (2.14.7)
    rspec-expectations (2.14.4)
      diff-lcs (>= 1.1.3, < 2.0)
    rspec-mocks (2.14.4)
    thread_safe (0.1.3)
      atomic
    tzinfo (0.3.38)
    yamler (0.1.0)

PLATFORMS
  ruby

DEPENDENCIES
  cover_me (>= 1.2.0)
  fakeweb (>= 1.3.0)
  jruby-openssl (>= 0.7)
  paypal-express!
  rake (>= 0.8)
  rspec (>= 2)
